PATH
  remote: .
  specs:
    whatsapp-cloud-wrapper (0.1.0)
      faraday (~> 2.7)

GEM
  remote: https://rubygems.org/
  specs:
    faraday (2.7.4)
      faraday-net_http (>= 2.0, < 3.1)
      ruby2_keywords (>= 0.0.4)
    faraday-net_http (3.0.2)
    rake (13.0.6)
    ruby2_keywords (0.0.5)

PLATFORMS
  x86_64-darwin-19

DEPENDENCIES
  rake (~> 13.0)
  whatsapp-cloud-wrapper!

BUNDLED WITH
   2.4.5
